GEM
  remote: http://rubygems.org/
  specs:
    activemodel (3.0.9)
      activesupport (= 3.0.9)
      builder (~> 2.1.2)
      i18n (~> 0.5.0)
    activerecord (3.0.9)
      activemodel (= 3.0.9)
      activesupport (= 3.0.9)
      arel (~> 2.0.10)
      tzinfo (~> 0.3.23)
    activesupport (3.0.9)
    arel (2.0.10)
    aws-sdk (1.0.3)
      httparty (~> 0.7)
      json (~> 1.4)
      nokogiri (>= 1.4.4)
      uuidtools (~> 2.1)
    builder (2.1.2)
    cocaine (0.1.0)
    crack (0.1.8)
    git (1.2.5)
    httparty (0.7.8)
      crack (= 0.1.8)
    i18n (0.5.0)
    jeweler (1.6.4)
      bundler (~> 1.0)
      git (>= 1.2.5)
      rake
    json (1.5.3)
    mime-types (1.16)
    nokogiri (1.5.0)
    paperclip (2.3.16)
      activerecord (>= 2.3.0)
      activesupport (>= 2.3.2)
      cocaine (>= 0.0.2)
      mime-types
    rake (0.9.2)
    rcov (0.9.9)
    shoulda (2.11.3)
    tzinfo (0.3.29)
    uuidtools (2.1.2)

PLATFORMS
  ruby

DEPENDENCIES
  aws-sdk (>= 1.0.3)
  bundler (~> 1.0.0)
  jeweler (~> 1.6.4)
  paperclip (>= 2.3.0)
  rcov
  shoulda
